PATH
  remote: .
  specs:
    protobuf_java_helpers (0.2.0-java)

GEM
  remote: https://rubygems.org/
  specs:
    benchmark-ips (2.7.2)
    minitest (5.11.3)
    rake (10.5.0)
    rake-compiler (1.0.7)
      rake

PLATFORMS
  java

DEPENDENCIES
  benchmark-ips
  bundler
  minitest (~> 5.0)
  protobuf_java_helpers!
  rake (~> 10.0)
  rake-compiler

BUNDLED WITH
   1.17.1
