PATH
  remote: .
  specs:
    protobuf_java_helpers (0.1.1-java)

GEM
  remote: https://rubygems.org/
  specs:
    minitest (5.11.3)
    rake (10.5.0)
    rake-compiler (1.0.5)
      rake

PLATFORMS
  java

DEPENDENCIES
  bundler (~> 1.16)
  minitest (~> 5.0)
  protobuf_java_helpers!
  rake (~> 10.0)
  rake-compiler

BUNDLED WITH
   1.17.1
